GEM
  remote: http://rubygems.org/
  specs:
    autotest (4.4.1)
    autotest-fsevent (0.2.3)
      sys-uname
    diff-lcs (1.1.2)
    rspec (2.0.0)
      rspec-core (= 2.0.0)
      rspec-expectations (= 2.0.0)
      rspec-mocks (= 2.0.0)
    rspec-core (2.0.0)
    rspec-expectations (2.0.0)
      diff-lcs (>= 1.1.2)
    rspec-mocks (2.0.0)
      rspec-core (= 2.0.0)
      rspec-expectations (= 2.0.0)
    sys-uname (0.8.4)

PLATFORMS
  ruby

DEPENDENCIES
  autotest
  autotest-fsevent
  rspec (>= 2.0.0.rc)
